GEM
  remote: https://rubygems.org/
  specs:
    chunky_png (1.2.7)
    compass (0.11.7)
      chunky_png (~> 1.2)
      fssm (>= 0.2.7)
      sass (~> 3.1)
    fssm (0.2.9)
    sass (3.1.3)

PLATFORMS
  ruby
  x86-mingw32

DEPENDENCIES
  compass (= 0.11.7)
  sass (= 3.1.3)
